PATH
  remote: .
  specs:
    factom-ruby (0.0.1)
      bitcoin-ruby (~> 0.0.7)
      rest-client (~> 1.8.0)

GEM
  remote: https://rubygems.org/
  specs:
    bitcoin-ruby (0.0.7)
    domain_name (0.5.25)
      unf (>= 0.0.5, < 1.0.0)
    http-cookie (1.0.2)
      domain_name (~> 0.5)
    mime-types (2.99)
    minitest (5.8.3)
    netrc (0.11.0)
    rake (10.4.2)
    rest-client (1.8.0)
      http-cookie (>= 1.0.2, < 2.0)
      mime-types (>= 1.16, < 3.0)
      netrc (~> 0.7)
    unf (0.1.4)
      unf_ext
    unf_ext (0.0.7.1)

PLATFORMS
  ruby

DEPENDENCIES
  factom-ruby!
  minitest (~> 5.4)
  rake

BUNDLED WITH
   1.10.6
